PATH
  remote: .
  specs:
    rack-demo (0.1.0)

GEM
  remote: https://rubygems.org/
  specs:
    debug (1.9.2)
      irb (~> 1.10)
      reline (>= 0.3.8)
    io-console (0.7.2)
    irb (1.14.1)
      rdoc (>= 4.0.0)
      reline (>= 0.4.2)
    nio4r (2.7.3)
    psych (5.1.2)
      stringio
    puma (6.4.3)
      nio4r (~> 2.0)
    rack (3.1.7)
    rake (13.2.1)
    rdoc (6.7.0)
      psych (>= 4.0.0)
    reline (0.5.10)
      io-console (~> 0.5)
    stringio (3.1.1)

PLATFORMS
  arm64-darwin-21
  ruby

DEPENDENCIES
  debug (~> 1.9)
  puma (~> 6.4)
  rack (~> 3.1)
  rack-demo!
  rake (~> 13.0)

BUNDLED WITH
   2.5.17
